GEM
  remote: http://rubygems.org/
  specs:
    ffi (1.0.4)
      rake (>= 0.8.7)
    mime-types (1.16)
    nokogiri (1.4.4)
    rake (0.8.7)
    rubyzip (0.9.4)
    tidy_ffi (0.1.3)
      ffi (>= 0.3.5)
    trollop (1.16.2)

PLATFORMS
  ruby

DEPENDENCIES
  mime-types
  nokogiri
  rubyzip
  tidy_ffi
  trollop
